GIT
  remote: http://github.com/ssayer/health-data-standards.git
  revision: c88f614818cc338534a06d036e208ea93ab19d74
  branch: develop
  specs:
    health-data-standards (0.8.0)
      builder (~> 3.0.0)
      erubis (~> 2.6)
      mongoid (~> 2.4.2)
      nokogiri (~> 1.4.7)
      uuid (~> 2.3.4)

GIT
  remote: https://github.com/rdingwell/devise_oauth2_providable.git
  revision: 8ede1009ef9edbc8994eb6521293a68aee7e9b71
  branch: master
  specs:
    devise_oauth2_providable (1.0.5)
      devise (>= 1.4.3)
      rack-oauth2 (~> 0.11.0)
      rails (>= 3.1.0)

GIT
  remote: https://github.com/rdingwell/ruby-openid.git
  revision: cc6fa401242190344935fb12a824fa39043cffc7
  branch: master
  specs:
    ruby-openid (2.1.9)

GEM
  remote: http://rubygems.org/
  specs:
    actionmailer (3.2.2)
      actionpack (= 3.2.2)
      mail (~> 2.4.0)
    actionpack (3.2.2)
      activemodel (= 3.2.2)
      activesupport (= 3.2.2)
      builder (~> 3.0.0)
      erubis (~> 2.7.0)
      journey (~> 1.0.1)
      rack (~> 1.4.0)
      rack-cache (~> 1.1)
      rack-test (~> 0.6.1)
      sprockets (~> 2.1.2)
    activemodel (3.2.2)
      activesupport (= 3.2.2)
      builder (~> 3.0.0)
    activerecord (3.2.2)
      activemodel (= 3.2.2)
      activesupport (= 3.2.2)
      arel (~> 3.0.2)
      tzinfo (~> 0.3.29)
    activeresource (3.2.2)
      activemodel (= 3.2.2)
      activesupport (= 3.2.2)
    activesupport (3.2.2)
      i18n (~> 0.6)
      multi_json (~> 1.0)
    addressable (2.2.7)
    ansi (1.4.2)
    arel (3.0.2)
    attr_required (0.0.5)
    bcrypt-ruby (3.0.1)
    bson (1.6.1)
    bson_ext (1.6.1)
      bson (~> 1.6.1)
    builder (3.0.0)
    capistrano (2.11.2)
      highline
      net-scp (>= 1.0.0)
      net-sftp (>= 2.0.0)
      net-ssh (>= 2.0.14)
      net-ssh-gateway (>= 1.1.0)
    coderay (1.0.5)
    coffee-rails (3.2.2)
      coffee-script (>= 2.2.0)
      railties (~> 3.2.0)
    coffee-script (2.2.0)
      coffee-script-source
      execjs
    coffee-script-source (1.2.0)
    configatron (2.9.0)
      yamler (>= 0.1.0)
    cover_me (1.2.0)
      configatron
      hashie
    curb (0.7.18)
    daemons (1.1.8)
    devise (2.0.4)
      bcrypt-ruby (~> 3.0)
      orm_adapter (~> 0.0.3)
      railties (~> 3.1)
      warden (~> 1.1.1)
    erubis (2.7.0)
    eventmachine (0.12.10)
    execjs (1.3.0)
      multi_json (~> 1.0)
    factory_girl (3.0.0)
      activesupport (>= 3.0.0)
    factory_girl_rails (3.0.0)
      factory_girl (~> 3.0.0)
      railties (>= 3.0.0)
    feedzirra (0.0.31)
      activesupport (>= 3.0.8)
      builder (~> 3.0.0)
      curb (~> 0.7.15)
      i18n (>= 0.5.0)
      loofah (~> 1.0.0)
      nokogiri (~> 1.4.4)
      rake (>= 0.9.2)
      rdoc (~> 3.8)
      sax-machine (~> 0.0.20)
    hashie (1.2.0)
    heroku (2.23.0)
      launchy (>= 0.3.2)
      netrc (~> 0.7.1)
      rest-client (~> 1.6.1)
      rubyzip
    highline (1.6.11)
    hike (1.2.1)
    httpclient (2.2.4)
    i18n (0.6.0)
    journey (1.0.3)
    jquery-rails (2.0.1)
      railties (>= 3.2.0, < 5.0)
      thor (~> 0.14)
    json (1.6.6)
    kaminari (0.13.0)
      actionpack (>= 3.0.0)
      activesupport (>= 3.0.0)
      railties (>= 3.0.0)
    launchy (2.1.0)
      addressable (~> 2.2.6)
    libv8 (3.3.10.4)
    loofah (1.0.0)
      nokogiri (>= 1.3.3)
    macaddr (1.5.0)
      systemu (>= 2.4.0)
    mail (2.4.4)
      i18n (>= 0.4.0)
      mime-types (~> 1.16)
      treetop (~> 1.4.8)
    method_source (0.7.1)
    mime-types (1.18)
    minitest (2.11.4)
    mongo (1.6.1)
      bson (~> 1.6.1)
    mongoid (2.4.7)
      activemodel (~> 3.1)
      mongo (~> 1.3)
      tzinfo (~> 0.3.22)
    multi_json (1.2.0)
    net-scp (1.0.4)
      net-ssh (>= 1.99.1)
    net-sftp (2.0.5)
      net-ssh (>= 2.0.9)
    net-ssh (2.3.0)
    net-ssh-gateway (1.1.0)
      net-ssh (>= 1.99.1)
    netrc (0.7.1)
    nokogiri (1.4.7)
    omniauth (1.0.3)
      hashie (~> 1.2)
      rack
    omniauth-openid (1.0.1)
      omniauth (~> 1.0)
      rack-openid (~> 1.3.1)
    orm_adapter (0.0.7)
    polyglot (0.3.3)
    pry (0.9.8.4)
      coderay (~> 1.0.5)
      method_source (~> 0.7.1)
      slop (>= 2.4.4, < 3)
    pry-nav (0.2.0)
      pry (~> 0.9.8.1)
    rack (1.4.1)
    rack-cache (1.2)
      rack (>= 0.4)
    rack-oauth2 (0.11.0)
      activesupport (>= 2.3)
      attr_required (>= 0.0.3)
      httpclient (>= 2.2.0.2)
      i18n
      json (>= 1.4.3)
      rack (>= 1.1)
    rack-openid (1.3.1)
      rack (>= 1.1.0)
      ruby-openid (>= 2.1.8)
    rack-ssl (1.3.2)
      rack
    rack-test (0.6.1)
      rack (>= 1.0)
    rails (3.2.2)
      actionmailer (= 3.2.2)
      actionpack (= 3.2.2)
      activerecord (= 3.2.2)
      activeresource (= 3.2.2)
      activesupport (= 3.2.2)
      bundler (~> 1.0)
      railties (= 3.2.2)
    railties (3.2.2)
      actionpack (= 3.2.2)
      activesupport (= 3.2.2)
      rack-ssl (~> 1.3.2)
      rake (>= 0.8.7)
      rdoc (~> 3.4)
      thor (~> 0.14.6)
    rake (0.9.2.2)
    rdoc (3.12)
      json (~> 1.4)
    rest-client (1.6.7)
      mime-types (>= 1.16)
    rubyzip (0.9.6.1)
    sass (3.1.15)
    sass-rails (3.2.5)
      railties (~> 3.2.0)
      sass (>= 3.1.10)
      tilt (~> 1.3)
    sax-machine (0.0.20)
      nokogiri (> 0.0.0)
    slop (2.4.4)
    sprockets (2.1.2)
      hike (~> 1.2)
      rack (~> 1.0)
      tilt (~> 1.1, != 1.3.0)
    symbolize (4.2.0)
    systemu (2.5.0)
    therubyracer (0.10.0)
      libv8 (~> 3.3.10)
    thin (1.3.1)
      daemons (>= 1.0.9)
      eventmachine (>= 0.12.6)
      rack (>= 1.0.0)
    thor (0.14.6)
    tilt (1.3.3)
    treetop (1.4.10)
      polyglot
      polyglot (>= 0.3.1)
    turn (0.9.4)
      ansi
    tzinfo (0.3.32)
    uglifier (1.2.4)
      execjs (>= 0.3.0)
      multi_json (>= 1.0.2)
    uuid (2.3.5)
      macaddr (~> 1.0)
    warden (1.1.1)
      rack (>= 1.0)
    yamler (0.1.0)

PLATFORMS
  ruby

DEPENDENCIES
  bson_ext
  capistrano
  coffee-rails (~> 3.2.1)
  cover_me
  devise
  devise_oauth2_providable!
  factory_girl_rails
  feedzirra
  health-data-standards!
  heroku
  jquery-rails
  kaminari
  minitest
  mongoid
  nokogiri
  omniauth
  omniauth-openid
  pry
  pry-nav
  rails (= 3.2.2)
  ruby-openid!
  sass-rails (~> 3.2.3)
  symbolize
  therubyracer
  thin
  turn
  uglifier (>= 1.0.3)
